GEM
  remote: https://rubygems.org/
  specs:
    dotenv (2.7.6)
    faraday (1.0.1)
      multipart-post (>= 1.2, < 3)
    faraday_middleware (1.0.0)
      faraday (~> 1.0)
    multipart-post (2.1.1)

PLATFORMS
  ruby

DEPENDENCIES
  dotenv
  faraday
  faraday_middleware

BUNDLED WITH
   1.17.2
